GIT
  remote: git@github.com:gabe-kent/leaf
  revision: 2b1d5c515e16d97c978f8f7893264f034cd6369d
  ref: 2b1d5c515e16d97c978f8f7893264f034cd6369d
  specs:
    leaf (0.0.1)

PATH
  remote: .
  specs:
    twig (0.0.1)
      leaf (~> 0.0.1)

GEM
  remote: https://rubygems.org/
  specs:
    coderay (1.1.2)
    diff-lcs (1.5.0)
    method_source (0.9.1)
    pry (0.11.3)
      coderay (~> 1.1.0)
      method_source (~> 0.9.0)
    rspec (3.12.0)
      rspec-core (~> 3.12.0)
      rspec-expectations (~> 3.12.0)
      rspec-mocks (~> 3.12.0)
    rspec-core (3.12.0)
      rspec-support (~> 3.12.0)
    rspec-expectations (3.12.0)
      diff-lcs (>= 1.2.0, < 2.0)
      rspec-support (~> 3.12.0)
    rspec-mocks (3.12.0)
      diff-lcs (>= 1.2.0, < 2.0)
      rspec-support (~> 3.12.0)
    rspec-support (3.12.0)

PLATFORMS
  ruby

DEPENDENCIES
  leaf (~> 0.0.1)!
  pry
  rspec (~> 3.5)
  twig!

BUNDLED WITH
   1.16.1
