GIT
  remote: git@github.com:gabe-kent/leaf
  revision: 2b1d5c515e16d97c978f8f7893264f034cd6369d
  ref: 2b1d5c515e16d97c978f8f7893264f034cd6369d
  specs:
    leaf (0.0.1)

PATH
  remote: .
  specs:
    twig (0.0.1)
      leaf (~> 0.0.1)

GEM
  remote: https://rubygems.org/
  specs:
    coderay (1.1.3)
    diff-lcs (1.3)
    method_source (1.0.0)
    pry (0.14.2)
      coderay (~> 1.1)
      method_source (~> 1.0)
    rspec (3.8.0)
      rspec-core (~> 3.8.0)
      rspec-expectations (~> 3.8.0)
      rspec-mocks (~> 3.8.0)
    rspec-core (3.8.0)
      rspec-support (~> 3.8.0)
    rspec-expectations (3.8.2)
      diff-lcs (>= 1.2.0, < 2.0)
      rspec-support (~> 3.8.0)
    rspec-mocks (3.8.0)
      diff-lcs (>= 1.2.0, < 2.0)
      rspec-support (~> 3.8.0)
    rspec-support (3.8.0)

PLATFORMS
  ruby

DEPENDENCIES
  leaf (~> 0.0.1)!
  pry
  rspec (~> 3.5)
  twig!

BUNDLED WITH
   1.16.1
